PATH
  remote: .
  specs:
    direction (0.0.5)

GEM
  remote: https://rubygems.org/
  specs:
    codecov (0.6.0)
      simplecov (>= 0.15, < 0.22)
    docile (1.4.0)
    minitest (5.16.2)
    rake (13.0.6)
    simplecov (0.21.2)
      docile (~> 1.1)
      simplecov-html (~> 0.11)
      simplecov_json_formatter (~> 0.1)
    simplecov-html (0.12.3)
    simplecov_json_formatter (0.1.3)

PLATFORMS
  ruby

DEPENDENCIES
  codecov
  direction!
  minitest
  rake
  simplecov

BUNDLED WITH
   2.2.13
