PATH
  remote: .
  specs:
    direction (0.0.5)

GEM
  remote: https://rubygems.org/
  specs:
    coveralls_reborn (0.18.0)
      simplecov (>= 0.18.1, < 0.20.0)
      term-ansicolor (~> 1.6)
      thor (>= 0.20.3, < 2.0)
      tins (~> 1.16)
    docile (1.3.2)
    minitest (5.14.2)
    rake (13.0.3)
    simplecov (0.19.1)
      docile (~> 1.1)
      simplecov-html (~> 0.11)
    simplecov-html (0.12.3)
    sync (0.5.0)
    term-ansicolor (1.7.1)
      tins (~> 1.0)
    thor (1.0.1)
    tins (1.26.0)
      sync

PLATFORMS
  ruby

DEPENDENCIES
  coveralls_reborn
  direction!
  minitest
  rake
  simplecov

BUNDLED WITH
   2.1.4
